GEM
  remote: https://rubygems.org/
  specs:
    minitest (5.4.1)
    mustermann (1.0.3)
    rack (2.0.7)
    rack-protection (2.0.7)
      rack
    rack-test (0.6.2)
      rack (>= 1.0)
    rake (10.3.2)
    redis (3.1.0)
    sinatra (2.0.7)
      mustermann (~> 1.0)
      rack (~> 2.0)
      rack-protection (= 2.0.7)
      tilt (~> 2.0)
    tilt (2.0.10)

PLATFORMS
  ruby

DEPENDENCIES
  minitest
  rack (>= 1.6.11)
  rack-protection (>= 1.5.5)
  rack-test
  rake
  redis
  sinatra

RUBY VERSION
   ruby 2.5.7p206

BUNDLED WITH
   2.0.2
