GEM
  remote: https://rubygems.org/
  specs:
    minitest (5.4.1)
    rack (1.6.11)
    rack-protection (1.5.3)
      rack
    rack-test (0.6.2)
      rack (>= 1.0)
    rake (10.3.2)
    redis (3.1.0)
    sinatra (1.4.5)
      rack (~> 1.4)
      rack-protection (~> 1.4)
      tilt (~> 1.3, >= 1.3.4)
    tilt (1.4.1)

PLATFORMS
  ruby

DEPENDENCIES
  minitest
  rack (>= 1.6.11)
  rack-test
  rake
  redis
  sinatra

RUBY VERSION
   ruby 2.5.7p206

BUNDLED WITH
   2.0.2
