GEM
  remote: https://rubygems.org/
  specs:
    minitest (5.4.1)
    mustermann (2.0.2)
      ruby2_keywords (~> 0.0.1)
    rack (2.2.4)
    rack-protection (2.2.3)
      rack
    rack-test (2.0.2)
      rack (>= 1.3)
    rake (12.3.3)
    redis (3.1.0)
    ruby2_keywords (0.0.5)
    sinatra (2.2.3)
      mustermann (~> 2.0)
      rack (~> 2.2)
      rack-protection (= 2.2.3)
      tilt (~> 2.0)
    tilt (2.0.11)

PLATFORMS
  ruby

DEPENDENCIES
  minitest
  rack (>= 1.6.11)
  rack-protection (>= 1.5.5)
  rack-test
  rake
  redis
  sinatra

RUBY VERSION
   ruby 2.5.7p206

BUNDLED WITH
   2.0.2
